GEM
  remote: http://rubygems.org/
  specs:
    activesupport (3.2.12)
      i18n (~> 0.6)
      multi_json (~> 1.0)
    addressable (2.3.2)
    airbrake (3.1.8)
      activesupport
      builder
      json
    airbrake-api (4.2.2)
      faraday_middleware (~> 0.8)
      hashie
      mash
      multi_xml
      parallel (~> 0.5.0)
    airbrake_tools (0.0.7)
      airbrake-api (>= 4.2.2)
    builder (3.1.4)
    dalli (2.6.0)
    diff-lcs (1.1.3)
    excon (0.16.10)
    faraday (0.8.4)
      multipart-post (~> 1.1)
    faraday_middleware (0.9.0)
      faraday (>= 0.7.4, < 0.9)
    hashie (1.2.0)
    heroku (2.34.0)
      heroku-api (~> 0.3.7)
      launchy (>= 0.3.2)
      netrc (~> 0.7.7)
      rest-client (~> 1.6.1)
      rubyzip
    heroku-api (0.3.7)
      excon (~> 0.16.10)
    i18n (0.6.1)
    json (1.7.7)
    launchy (2.1.2)
      addressable (~> 2.3)
    mash (0.1.1)
    mime-types (1.19)
    multi_json (1.6.1)
    multi_xml (0.5.2)
    multipart-post (1.1.5)
    netrc (0.7.7)
    parallel (0.5.21)
    rake (10.0.3)
    rest-client (1.6.7)
      mime-types (>= 1.16)
    rspec (2.12.0)
      rspec-core (~> 2.12.0)
      rspec-expectations (~> 2.12.0)
      rspec-mocks (~> 2.12.0)
    rspec-core (2.12.2)
    rspec-expectations (2.12.1)
      diff-lcs (~> 1.1.3)
    rspec-mocks (2.12.1)
    rubyzip (0.9.9)

PLATFORMS
  ruby

DEPENDENCIES
  airbrake
  airbrake_tools
  dalli
  heroku
  rake
  rspec
