GEM
  remote: https://rubygems.org/
  specs:
    addressable (2.3.2)
    airbrake (4.1.0)
      builder
      multi_json
    airbrake-api (4.6.1)
      faraday_middleware
      hashie
      multi_xml
      parallel
    airbrake_tools (1.1.3)
      airbrake-api (>= 4.5.1)
    builder (3.2.2)
    dalli (2.6.0)
    diff-lcs (1.1.3)
    excon (0.16.10)
    faraday (0.9.0)
      multipart-post (>= 1.2, < 3)
    faraday_middleware (0.9.1)
      faraday (>= 0.7.4, < 0.10)
    hashie (3.3.1)
    heroku (2.34.0)
      heroku-api (~> 0.3.7)
      launchy (>= 0.3.2)
      netrc (~> 0.7.7)
      rest-client (~> 1.6.1)
      rubyzip
    heroku-api (0.3.7)
      excon (~> 0.16.10)
    launchy (2.1.2)
      addressable (~> 2.3)
    mime-types (1.19)
    multi_json (1.10.1)
    multi_xml (0.5.5)
    multipart-post (2.0.0)
    netrc (0.7.7)
    parallel (1.3.3)
    rake (10.0.3)
    rest-client (1.6.7)
      mime-types (>= 1.16)
    rspec (2.12.0)
      rspec-core (~> 2.12.0)
      rspec-expectations (~> 2.12.0)
      rspec-mocks (~> 2.12.0)
    rspec-core (2.12.2)
    rspec-expectations (2.12.1)
      diff-lcs (~> 1.1.3)
    rspec-mocks (2.12.1)
    rubyzip (0.9.9)

PLATFORMS
  ruby

DEPENDENCIES
  airbrake
  airbrake_tools
  dalli
  hashie
  heroku
  rake
  rest-client
  rspec
