GEM
  remote: http://rubygems.org/
  specs:
    activemodel (3.2.11)
      activesupport (= 3.2.11)
      builder (~> 3.0.0)
    activerecord (3.2.11)
      activemodel (= 3.2.11)
      activesupport (= 3.2.11)
      arel (~> 3.0.2)
      tzinfo (~> 0.3.29)
    activesupport (3.2.11)
      i18n (~> 0.6)
      multi_json (~> 1.0)
    airbrake-api (4.2.2)
      faraday_middleware (~> 0.8)
      hashie
      mash
      multi_xml
      parallel (~> 0.5.0)
    airbrake_tools (0.0.7)
      airbrake-api (>= 4.2.2)
    arel (3.0.2)
    builder (3.0.4)
    diff-lcs (1.1.3)
    faraday (0.8.4)
      multipart-post (~> 1.1)
    faraday_middleware (0.9.0)
      faraday (>= 0.7.4, < 0.9)
    hashie (1.2.0)
    i18n (0.6.1)
    mash (0.1.1)
    multi_json (1.5.0)
    multi_xml (0.5.2)
    multipart-post (1.1.5)
    parallel (0.5.21)
    rake (10.0.3)
    rspec (2.12.0)
      rspec-core (~> 2.12.0)
      rspec-expectations (~> 2.12.0)
      rspec-mocks (~> 2.12.0)
    rspec-core (2.12.2)
    rspec-expectations (2.12.1)
      diff-lcs (~> 1.1.3)
    rspec-mocks (2.12.1)
    tzinfo (0.3.35)

PLATFORMS
  ruby

DEPENDENCIES
  activerecord
  airbrake_tools
  rake
  rspec
