GIT
  remote: https://github.com/grosser/airbrake_tools.git
  revision: 895f64a78843fdf33a2711ac98c5eca9c8a0e0f3
  ref: grosser/launchy
  specs:
    airbrake_tools (1.1.3)
      airbrake-api (>= 4.5.1)

GEM
  remote: https://rubygems.org/
  specs:
    airbrake (4.1.0)
      builder
      multi_json
    airbrake-api (4.6.1)
      faraday_middleware
      hashie
      multi_xml
      parallel
    builder (3.2.2)
    dalli (2.6.0)
    diff-lcs (1.1.3)
    faraday (0.9.0)
      multipart-post (>= 1.2, < 3)
    faraday_middleware (0.9.1)
      faraday (>= 0.7.4, < 0.10)
    hashie (3.3.1)
    mime-types (1.19)
    multi_json (1.10.1)
    multi_xml (0.5.5)
    multipart-post (2.0.0)
    parallel (1.3.3)
    rake (10.0.3)
    rest-client (1.6.7)
      mime-types (>= 1.16)
    rspec (2.12.0)
      rspec-core (~> 2.12.0)
      rspec-expectations (~> 2.12.0)
      rspec-mocks (~> 2.12.0)
    rspec-core (2.12.2)
    rspec-expectations (2.12.1)
      diff-lcs (~> 1.1.3)
    rspec-mocks (2.12.1)

PLATFORMS
  ruby

DEPENDENCIES
  airbrake
  airbrake_tools!
  dalli
  hashie
  rake
  rest-client
  rspec
